GEM
  remote: https://rubygems.org/
  specs:
    ProMotion (1.0.4)
    rake (10.1.0)
    sugarcube (1.1.0)
    sweettea (0.6.0)
      rake
      sugarcube
      teacup
    teacup (2.1.10)

PLATFORMS
  ruby

DEPENDENCIES
  ProMotion (= 1.0.4)
  rake
  sugarcube
  sweettea (= 0.6.0)
  teacup (= 2.1.10)
